RESTRICTION: >= net40
NUGET
  remote: https://www.nuget.org/api/v2
    FAKE (4.64.11)
    FsCheck (2.10.8)
      FSharp.Core (>= 4.0.0.1) - restriction: || (&& (>= net40) (< netstandard1.6) (>= portable-net45+win8)) (&& (>= net40) (< portable-net45+win8) (>= portable-net45+win8+wp8)) (&& (>= net40) (< portable-net45+win8+wp8) (>= portable-net45+win8+wp8+wpa81)) (>= net452)
    FSharp.Compiler.Service (21.0.1)
      FSharp.Core (>= 4.1.18) - restriction: || (&& (>= net40) (>= netstandard2.0)) (>= net45)
      Microsoft.DiaSymReader (>= 1.1) - restriction: || (&& (>= net40) (>= netstandard2.0)) (>= net45)
      Microsoft.DiaSymReader.PortablePdb (>= 1.2) - restriction: || (&& (>= net40) (>= netstandard2.0)) (>= net45)
      System.Collections.Immutable (>= 1.3.1) - restriction: || (&& (>= net40) (>= netstandard2.0)) (>= net45)
      System.Reflection.Metadata (>= 1.4.2) - restriction: || (&& (>= net40) (>= netstandard2.0)) (>= net45)
      System.ValueTuple (>= 4.4) - restriction: >= net45
    FSharp.Core (4.3.4)
    FsUnit (1.3.0.1) - restriction: >= net45
      NUnit (>= 2.6.3)
    Microsoft.DiaSymReader (1.2) - restriction: || (&& (>= net40) (>= netstandard2.0)) (>= net45)
      Microsoft.Net.Compilers (>= 2.3)
    Microsoft.DiaSymReader.PortablePdb (1.4) - restriction: || (&& (>= net40) (>= netstandard2.0)) (>= net45)
      Microsoft.DiaSymReader (>= 1.2) - restriction: && (>= net40) (>= portable-net45+win8)
      System.Collections (>= 4.3) - restriction: && (>= net40) (>= netstandard1.1)
      System.Collections.Immutable (>= 1.3.1) - restriction: && (>= net40) (>= portable-net45+win8)
      System.Diagnostics.Debug (>= 4.3) - restriction: && (>= net40) (>= netstandard1.1)
      System.Globalization (>= 4.3) - restriction: && (>= net40) (>= netstandard1.1)
      System.IO (>= 4.3) - restriction: && (>= net40) (>= netstandard1.1)
      System.Linq (>= 4.3) - restriction: && (>= net40) (>= netstandard1.1)
      System.Reflection (>= 4.3) - restriction: && (>= net40) (>= netstandard1.1)
      System.Reflection.Metadata (>= 1.4.2) - restriction: && (>= net40) (>= portable-net45+win8)
      System.Reflection.Primitives (>= 4.3) - restriction: && (>= net40) (>= netstandard1.1)
      System.Runtime (>= 4.3) - restriction: && (>= net40) (>= netstandard1.1)
      System.Runtime.Extensions (>= 4.3) - restriction: && (>= net40) (>= netstandard1.1)
      System.Runtime.InteropServices (>= 4.3) - restriction: && (>= net40) (>= netstandard1.1)
      System.Text.Encoding (>= 4.3) - restriction: && (>= net40) (>= netstandard1.1)
      System.Threading (>= 4.3) - restriction: && (>= net40) (>= netstandard1.1)
    Microsoft.Net.Compilers (2.7) - restriction: || (&& (>= net40) (>= netstandard2.0)) (>= net45)
    Microsoft.NETCore.Platforms (2.0.1) - restriction: || (&& (>= monoandroid) (>= net45)) (&& (>= monotouch) (>= net45)) (&& (>= net45) (>= netcoreapp2.0) (< netstandard2.0)) (&& (>= net45) (< netstandard1.0) (>= portable-net451+win81+wpa81)) (&& (>= net45) (< netstandard1.3) (>= wpa81)) (&& (>= net45) (< netstandard1.5) (>= uap10.0)) (&& (>= net45) (< portable-net45+win8+wpa81)) (&& (>= net45) (< portable-net451+win81+wpa81)) (&& (>= net45) (>= uap10.1)) (&& (>= net45) (>= xamarinios)) (&& (>= net45) (>= xamarinmac)) (&& (>= net45) (>= xamarintvos)) (&& (>= net45) (>= xamarinwatchos)) (&& (>= net451) (< netstandard1.3)) (&& (>= net46) (< netstandard1.4)) (&& (>= net461) (< netstandard2.0))
    Microsoft.Win32.Primitives (4.3) - restriction: || (&& (>= net45) (< netstandard1.5) (>= uap10.0)) (&& (>= net46) (< netstandard1.4))
    NETStandard.Library (2.0.1) - restriction: && (>= net45) (< netstandard2.0)
      Microsoft.NETCore.Platforms (>= 1.1) - restriction: || (&& (>= monoandroid) (>= net40)) (&& (>= monotouch) (>= net40)) (&& (>= net40) (< net45) (>= netstandard1.1) (< portable-net451+win81+wpa81)) (&& (>= net40) (< net45) (>= netstandard1.2) (< netstandard1.3)) (&& (>= net40) (< net45) (>= netstandard1.3) (< netstandard1.4)) (&& (>= net40) (< net45) (>= netstandard1.4) (< netstandard1.5)) (&& (>= net40) (< net45) (>= netstandard1.5) (< netstandard1.6)) (&& (>= net40) (< net45) (>= netstandard1.6) (< netstandard2.0)) (&& (>= net40) (< net45) (>= netstandard2.0)) (&& (>= net40) (>= netcoreapp2.0)) (&& (>= net40) (>= netstandard1.0) (< portable-net45+win8+wpa81)) (&& (>= net40) (< netstandard1.0) (>= portable-net45+win8+wp8+wpa81) (< portable-net45+win8+wpa81)) (&& (>= net40) (< netstandard1.0) (>= portable-net45+win8+wpa81) (< portable-net451+win81+wpa81)) (&& (>= net40) (< netstandard1.0) (>= portable-net451+win81+wpa81)) (&& (>= net40) (< netstandard1.3) (>= wpa81)) (&& (>= net40) (< netstandard1.5) (>= uap10.0)) (&& (>= net40) (>= uap10.1)) (&& (>= net40) (>= xamarinios)) (&& (>= net40) (>= xamarinmac)) (&& (>= net40) (>= xamarintvos)) (&& (>= net40) (>= xamarinwatchos)) (&& (>= net45) (< portable-net451+win81+wpa81)) (&& (>= net451) (< netstandard1.3)) (&& (>= net46) (< netstandard1.4)) (>= net461)
      Microsoft.Win32.Primitives (>= 4.3) - restriction: || (&& (>= net40) (< net45) (>= netstandard1.3) (< netstandard1.4)) (&& (>= net40) (< net45) (>= netstandard1.4) (< netstandard1.5)) (&& (>= net40) (< net45) (>= netstandard1.5) (< netstandard1.6)) (&& (>= net40) (< net45) (>= netstandard1.6) (< netstandard2.0)) (&& (>= net40) (< netstandard1.5) (>= uap10.0)) (&& (>= net46) (< netstandard1.4))
      System.AppContext (>= 4.3) - restriction: || (&& (>= net40) (< net45) (>= netstandard1.3) (< netstandard1.4)) (&& (>= net40) (< net45) (>= netstandard1.4) (< netstandard1.5)) (&& (>= net40) (< net45) (>= netstandard1.5) (< netstandard1.6)) (&& (>= net40) (< net45) (>= netstandard1.6) (< netstandard2.0)) (&& (>= net40) (< netstandard1.5) (>= uap10.0)) (&& (>= net46) (< netstandard1.4))
      System.Console (>= 4.3) - restriction: || (&& (>= net40) (< net45) (>= netstandard1.3) (< netstandard1.4)) (&& (>= net40) (< net45) (>= netstandard1.4) (< netstandard1.5)) (&& (>= net40) (< net45) (>= netstandard1.5) (< netstandard1.6)) (&& (>= net40) (< net45) (>= netstandard1.6) (< netstandard2.0)) (&& (>= net40) (< netstandard1.5) (>= uap10.0)) (&& (>= net46) (< netstandard1.4))
      System.Globalization.Calendars (>= 4.3) - restriction: || (&& (>= net40) (< net45) (>= netstandard1.3) (< netstandard1.4)) (&& (>= net40) (< net45) (>= netstandard1.4) (< netstandard1.5)) (&& (>= net40) (< net45) (>= netstandard1.5) (< netstandard1.6)) (&& (>= net40) (< net45) (>= netstandard1.6) (< netstandard2.0)) (&& (>= net40) (< netstandard1.5) (>= uap10.0)) (&& (>= net46) (< netstandard1.4))
      System.IO.Compression (>= 4.3) - restriction: || (&& (>= net40) (< net45) (>= netstandard1.1) (< portable-net451+win81+wpa81)) (&& (>= net40) (< net45) (>= netstandard1.2) (< netstandard1.3)) (&& (>= net40) (< net45) (>= netstandard1.3) (< netstandard1.4)) (&& (>= net40) (< net45) (>= netstandard1.4) (< netstandard1.5)) (&& (>= net40) (< net45) (>= netstandard1.5) (< netstandard1.6)) (&& (>= net40) (< net45) (>= netstandard1.6) (< netstandard2.0)) (&& (>= net40) (< netstandard1.5) (>= uap10.0)) (&& (>= net46) (< netstandard1.4))
      System.IO.Compression.ZipFile (>= 4.3) - restriction: || (&& (>= net40) (< net45) (>= netstandard1.3) (< netstandard1.4)) (&& (>= net40) (< net45) (>= netstandard1.4) (< netstandard1.5)) (&& (>= net40) (< net45) (>= netstandard1.5) (< netstandard1.6)) (&& (>= net40) (< net45) (>= netstandard1.6) (< netstandard2.0)) (&& (>= net40) (< netstandard1.5) (>= uap10.0)) (&& (>= net46) (< netstandard1.4))
      System.IO.FileSystem (>= 4.3) - restriction: || (&& (>= net40) (< net45) (>= netstandard1.3) (< netstandard1.4)) (&& (>= net40) (< net45) (>= netstandard1.4) (< netstandard1.5)) (&& (>= net40) (< net45) (>= netstandard1.5) (< netstandard1.6)) (&& (>= net40) (< net45) (>= netstandard1.6) (< netstandard2.0)) (&& (>= net40) (< netstandard1.5) (>= uap10.0)) (&& (>= net46) (< netstandard1.4))
      System.IO.FileSystem.Primitives (>= 4.3) - restriction: || (&& (>= net40) (< net45) (>= netstandard1.3) (< netstandard1.4)) (&& (>= net40) (< net45) (>= netstandard1.4) (< netstandard1.5)) (&& (>= net40) (< net45) (>= netstandard1.5) (< netstandard1.6)) (&& (>= net40) (< net45) (>= netstandard1.6) (< netstandard2.0)) (&& (>= net40) (< netstandard1.5) (>= uap10.0)) (&& (>= net46) (< netstandard1.4))
      System.Net.Http (>= 4.3.2) - restriction: || (&& (>= net40) (< net45) (>= netstandard1.1) (< portable-net451+win81+wpa81)) (&& (>= net40) (< net45) (>= netstandard1.2) (< netstandard1.3)) (&& (>= net40) (< net45) (>= netstandard1.3) (< netstandard1.4)) (&& (>= net40) (< net45) (>= netstandard1.4) (< netstandard1.5)) (&& (>= net40) (< net45) (>= netstandard1.5) (< netstandard1.6)) (&& (>= net40) (< net45) (>= netstandard1.6) (< netstandard2.0)) (&& (>= net40) (< netstandard1.5) (>= uap10.0)) (&& (>= net46) (< netstandard1.4))
      System.Net.Sockets (>= 4.3) - restriction: || (&& (>= net40) (< net45) (>= netstandard1.3) (< netstandard1.4)) (&& (>= net40) (< net45) (>= netstandard1.4) (< netstandard1.5)) (&& (>= net40) (< net45) (>= netstandard1.5) (< netstandard1.6)) (&& (>= net40) (< net45) (>= netstandard1.6) (< netstandard2.0)) (&& (>= net40) (< netstandard1.5) (>= uap10.0)) (&& (>= net46) (< netstandard1.4))
      System.Runtime.InteropServices.RuntimeInformation (>= 4.3) - restriction: || (&& (>= net40) (< net45) (>= netstandard1.1) (< portable-net451+win81+wpa81)) (&& (>= net40) (< net45) (>= netstandard1.2) (< netstandard1.3)) (&& (>= net40) (< net45) (>= netstandard1.3) (< netstandard1.4)) (&& (>= net40) (< net45) (>= netstandard1.4) (< netstandard1.5)) (&& (>= net40) (< net45) (>= netstandard1.5) (< netstandard1.6)) (&& (>= net40) (< net45) (>= netstandard1.6) (< netstandard2.0)) (&& (>= net40) (< netstandard1.0) (>= portable-net45+win8+wpa81) (< portable-net451+win81+wpa81)) (&& (>= net40) (< netstandard1.0) (>= portable-net451+win81+wpa81)) (&& (>= net40) (< netstandard1.3) (>= wpa81)) (&& (>= net40) (< netstandard1.5) (>= uap10.0)) (&& (>= net45) (< portable-net451+win81+wpa81)) (&& (>= net451) (< netstandard1.3)) (&& (>= net46) (< netstandard1.4))
      System.Security.Cryptography.Algorithms (>= 4.3) - restriction: || (&& (>= net40) (< net45) (>= netstandard1.3) (< netstandard1.4)) (&& (>= net40) (< net45) (>= netstandard1.4) (< netstandard1.5)) (&& (>= net40) (< net45) (>= netstandard1.5) (< netstandard1.6)) (&& (>= net40) (< net45) (>= netstandard1.6) (< netstandard2.0)) (&& (>= net40) (< netstandard1.5) (>= uap10.0)) (&& (>= net46) (< netstandard1.4))
      System.Security.Cryptography.Encoding (>= 4.3) - restriction: || (&& (>= net40) (< net45) (>= netstandard1.3) (< netstandard1.4)) (&& (>= net40) (< net45) (>= netstandard1.4) (< netstandard1.5)) (&& (>= net40) (< net45) (>= netstandard1.5) (< netstandard1.6)) (&& (>= net40) (< net45) (>= netstandard1.6) (< netstandard2.0)) (&& (>= net40) (< netstandard1.5) (>= uap10.0)) (&& (>= net46) (< netstandard1.4))
      System.Security.Cryptography.Primitives (>= 4.3) - restriction: || (&& (>= net40) (< net45) (>= netstandard1.3) (< netstandard1.4)) (&& (>= net40) (< net45) (>= netstandard1.4) (< netstandard1.5)) (&& (>= net40) (< net45) (>= netstandard1.5) (< netstandard1.6)) (&& (>= net40) (< net45) (>= netstandard1.6) (< netstandard2.0)) (&& (>= net40) (< netstandard1.5) (>= uap10.0)) (&& (>= net46) (< netstandard1.4))
      System.Security.Cryptography.X509Certificates (>= 4.3) - restriction: || (&& (>= net40) (< net45) (>= netstandard1.3) (< netstandard1.4)) (&& (>= net40) (< net45) (>= netstandard1.4) (< netstandard1.5)) (&& (>= net40) (< net45) (>= netstandard1.5) (< netstandard1.6)) (&& (>= net40) (< net45) (>= netstandard1.6) (< netstandard2.0)) (&& (>= net40) (< netstandard1.5) (>= uap10.0)) (&& (>= net46) (< netstandard1.4))
      System.Xml.ReaderWriter (>= 4.3) - restriction: || (&& (>= net40) (< net45) (>= netstandard1.1) (< portable-net451+win81+wpa81)) (&& (>= net40) (< net45) (>= netstandard1.2) (< netstandard1.3)) (&& (>= net40) (< net45) (>= netstandard1.3) (< netstandard1.4)) (&& (>= net40) (< net45) (>= netstandard1.4) (< netstandard1.5)) (&& (>= net40) (< net45) (>= netstandard1.5) (< netstandard1.6)) (&& (>= net40) (< net45) (>= netstandard1.6) (< netstandard2.0)) (&& (>= net40) (>= netstandard1.0) (< portable-net45+win8+wpa81)) (&& (>= net40) (< netstandard1.5) (>= uap10.0)) (&& (>= net46) (< netstandard1.4))
    NuGet.CommandLine (4.5.1)
    NUnit (3.10.1) - restriction: >= net45
    NUnit.ConsoleRunner (3.8)
    NUnit.Extension.NUnitProjectLoader (3.6)
    NUnit.Extension.NUnitV2Driver (3.7)
    NUnit.Extension.NUnitV2ResultWriter (3.6)
    NUnit.Extension.TeamCityEventListener (1.0.3)
    NUnit.Extension.VSProjectLoader (3.7)
    NUnit.Runners (3.8)
      NUnit.ConsoleRunner (>= 3.8)
      NUnit.Extension.NUnitProjectLoader (>= 3.5)
      NUnit.Extension.NUnitV2Driver (>= 3.6)
      NUnit.Extension.NUnitV2ResultWriter (>= 3.5)
      NUnit.Extension.TeamCityEventListener (>= 1.0.3)
      NUnit.Extension.VSProjectLoader (>= 3.7)
    System.AppContext (4.3) - restriction: || (&& (>= net45) (< netstandard1.5) (>= uap10.0)) (&& (>= net46) (< netstandard1.4))
    System.Collections (4.3) - restriction: || (&& (>= net40) (>= netstandard2.0)) (>= net45)
    System.Collections.Immutable (1.4) - restriction: || (&& (>= monoandroid) (>= net45)) (&& (>= monotouch) (>= net45)) (&& (>= net40) (>= netstandard2.0)) (&& (>= net45) (< netstandard1.1)) (&& (>= net45) (>= netstandard2.0)) (&& (>= net45) (< netstandard2.0)) (&& (>= net45) (< portable-net45+win8)) (&& (>= net45) (>= xamarinios)) (&& (>= net45) (>= xamarinmac)) (&& (>= net45) (>= xamarintvos)) (&& (>= net45) (>= xamarinwatchos))
      NETStandard.Library (>= 1.6.1) - restriction: && (>= net40) (>= netstandard1.0) (< netstandard2.0)
    System.Console (4.3) - restriction: || (&& (>= net45) (< netstandard1.5) (>= uap10.0)) (&& (>= net46) (< netstandard1.4))
    System.Diagnostics.Debug (4.3) - restriction: || (&& (>= net40) (>= netstandard2.0)) (>= net45)
    System.Globalization (4.3) - restriction: || (&& (>= net40) (>= netstandard2.0)) (>= net45)
    System.Globalization.Calendars (4.3) - restriction: || (&& (>= net45) (< netstandard1.5) (>= uap10.0)) (&& (>= net46) (< netstandard1.4))
    System.IO (4.3) - restriction: || (&& (>= net40) (>= netstandard2.0)) (>= net45)
    System.IO.Compression (4.3) - restriction: || (&& (>= net45) (< netstandard1.5) (>= uap10.0)) (&& (>= net46) (< netstandard1.4))
    System.IO.Compression.ZipFile (4.3) - restriction: || (&& (>= net45) (< netstandard1.5) (>= uap10.0)) (&& (>= net46) (< netstandard1.4))
    System.IO.FileSystem (4.3) - restriction: || (&& (>= net45) (< netstandard1.5) (>= uap10.0)) (&& (>= net46) (< netstandard1.4))
      System.IO.FileSystem.Primitives (>= 4.3) - restriction: || (&& (>= net40) (>= netstandard1.3)) (>= net46)
    System.IO.FileSystem.Primitives (4.3) - restriction: || (&& (>= net45) (< netstandard1.5) (>= uap10.0)) (&& (>= net46) (< netstandard1.4))
    System.Linq (4.3) - restriction: || (&& (>= net40) (>= netstandard2.0)) (>= net45)
    System.Net.Http (4.3.3) - restriction: || (&& (>= net45) (< netstandard1.5) (>= uap10.0)) (&& (>= net46) (< netstandard1.4))
      System.Security.Cryptography.X509Certificates (>= 4.3) - restriction: || (&& (>= net40) (< net45) (>= netstandard1.3) (< netstandard1.6)) (&& (>= net40) (< net45) (>= netstandard1.6)) (&& (>= net40) (< portable-net45+win8+wpa81)) (>= net46)
    System.Net.Sockets (4.3) - restriction: || (&& (>= net45) (< netstandard1.5) (>= uap10.0)) (&& (>= net46) (< netstandard1.4))
    System.Reflection (4.3) - restriction: || (&& (>= net40) (>= netstandard2.0)) (>= net45)
    System.Reflection.Metadata (1.5) - restriction: || (&& (>= net40) (>= netstandard2.0)) (>= net45)
      NETStandard.Library (>= 1.6.1) - restriction: && (>= net40) (>= netstandard1.1) (< netstandard2.0)
      System.Collections.Immutable (>= 1.4) - restriction: || (&& (>= monoandroid) (>= net40)) (&& (>= monotouch) (>= net40)) (&& (>= net40) (>= netstandard1.1) (< netstandard2.0)) (&& (>= net40) (< netstandard1.1) (>= portable-net45+win8)) (&& (>= net40) (>= netstandard2.0)) (&& (>= net40) (< portable-net45+win8) (>= portable-net45+win8+wpa81)) (&& (>= net40) (>= xamarinios)) (&& (>= net40) (>= xamarinmac)) (&& (>= net40) (>= xamarintvos)) (&& (>= net40) (>= xamarinwatchos))
    System.Reflection.Primitives (4.3) - restriction: || (&& (>= net40) (>= netstandard2.0)) (>= net45)
    System.Runtime (4.3) - restriction: || (&& (>= net40) (>= netstandard2.0)) (>= net45)
    System.Runtime.Extensions (4.3) - restriction: || (&& (>= net40) (>= netstandard2.0)) (>= net45)
    System.Runtime.InteropServices (4.3) - restriction: || (&& (>= net40) (>= netstandard2.0)) (>= net45)
      System.Runtime (>= 4.3) - restriction: || (&& (>= net40) (< net45) (>= netstandard1.1) (< netstandard1.2)) (&& (>= net40) (< net45) (>= netstandard1.2) (< netstandard1.3)) (&& (>= net40) (< net45) (>= netstandard1.3) (< netstandard1.5)) (&& (>= net40) (< net45) (>= netstandard1.5)) (&& (>= net40) (>= netcoreapp1.1)) (&& (>= net40) (< portable-net45+win8+wpa81)) (>= net462)
    System.Runtime.InteropServices.RuntimeInformation (4.3) - restriction: || (&& (>= net45) (< netstandard1.0) (>= portable-net451+win81+wpa81)) (&& (>= net45) (< netstandard1.3) (>= wpa81)) (&& (>= net45) (< netstandard1.5) (>= uap10.0)) (&& (>= net45) (< portable-net451+win81+wpa81)) (&& (>= net451) (< netstandard1.3)) (&& (>= net46) (< netstandard1.4))
    System.Security.Cryptography.Algorithms (4.3.1) - restriction: || (&& (>= net45) (< netstandard1.5) (>= uap10.0)) (&& (>= net46) (< netstandard1.4))
      System.Security.Cryptography.Primitives (>= 4.3)
    System.Security.Cryptography.Encoding (4.3) - restriction: || (&& (>= net45) (< netstandard1.5) (>= uap10.0)) (&& (>= net46) (< netstandard1.4))
    System.Security.Cryptography.Primitives (4.3) - restriction: || (&& (>= net45) (< netstandard1.5) (>= uap10.0)) (&& (>= net46) (< netstandard1.4))
    System.Security.Cryptography.X509Certificates (4.3.2) - restriction: || (&& (>= net45) (< netstandard1.5) (>= uap10.0)) (&& (>= net46) (< netstandard1.4))
      System.Security.Cryptography.Algorithms (>= 4.3)
      System.Security.Cryptography.Encoding (>= 4.3)
    System.Text.Encoding (4.3) - restriction: || (&& (>= net40) (>= netstandard2.0)) (>= net45)
    System.Threading (4.3) - restriction: || (&& (>= net40) (>= netstandard2.0)) (>= net45)
    System.ValueTuple (4.4) - restriction: >= net45
      NETStandard.Library (>= 1.6.1) - restriction: && (>= net40) (< net461) (>= netstandard1.0) (< netstandard2.0)
    System.Xml.ReaderWriter (4.3.1) - restriction: || (&& (>= net45) (< netstandard1.5) (>= uap10.0)) (&& (>= net45) (< portable-net45+win8+wpa81)) (&& (>= net46) (< netstandard1.4))
